GIT
  remote: git://github.com/garethr/librarian-puppet.git
  revision: 0a115222d20915db36f7046d5cb50d61590b4bf9
  branch: forge-release-candidates
  specs:
    librarian-puppet (0.9.7)
      json
      puppet
      thor (~> 0.15)

GEM
  remote: https://rubygems.org/
  specs:
    facter (1.7.3)
    hiera (1.3.0)
      json_pure
    json (1.8.1)
    json_pure (1.8.1)
    puppet (3.3.2)
      facter (~> 1.6)
      hiera (~> 1.0)
      rgen (~> 0.6.5)
    rgen (0.6.6)
    thor (0.18.1)

PLATFORMS
  ruby

DEPENDENCIES
  librarian-puppet!
